GEM
  remote: https://rubygems.org/
  specs:
    geokit (1.10.0)
    google_places (0.32.0)
      httparty (~> 0.13.1)
    httparty (0.13.7)
      json (~> 1.8)
      multi_xml (>= 0.5.2)
    json (1.8.3)
    mini_portile2 (2.0.0)
    multi_xml (0.5.5)
    nokogiri (1.6.7-x86-mingw32)
      mini_portile2 (~> 2.0.0.rc2)
    rack (1.6.4)
    rack-protection (1.5.3)
      rack
    sinatra (1.4.6)
      rack (~> 1.4)
      rack-protection (~> 1.4)
      tilt (>= 1.3, < 3)
    slim (3.0.6)
      temple (~> 0.7.3)
      tilt (>= 1.3.3, < 2.1)
    temple (0.7.6)
    tilt (2.0.1)

PLATFORMS
  x86-mingw32

DEPENDENCIES
  geokit
  google_places
  nokogiri
  sinatra
  slim
